PATH
  remote: .
  specs:
    dns-monitor (0.1.6)
      easy_diff (~> 1.0.0)
      sqlite3 (~> 1.4.2)

GEM
  remote: https://rubygems.org/
  specs:
    coderay (1.1.2)
    easy_diff (1.0.0)
    method_source (0.9.2)
    minitest (5.14.0)
    pry (0.12.2)
      coderay (~> 1.1.0)
      method_source (~> 0.9.0)
    rake (10.5.0)
    sqlite3 (1.4.2)

PLATFORMS
  ruby

DEPENDENCIES
  bundler (~> 2.0.2)
  dns-monitor!
  minitest (~> 5.0)
  pry (~> 0.12.2)
  rake (~> 10.0)

BUNDLED WITH
   2.0.2
